PATH
  remote: .
  specs:
    ultimate-minitest-rails (0.2.0)
      database_rewinder
      minitest-around
      minitest-reporters
      mocha

GEM
  remote: https://rubygems.org/
  specs:
    ansi (1.5.0)
    builder (3.2.3)
    database_rewinder (0.9.4)
    minitest (5.12.2)
    minitest-around (0.5.0)
      minitest (~> 5.0)
    minitest-reporters (1.4.2)
      ansi
      builder
      minitest (>= 5.0)
      ruby-progressbar
    mocha (1.11.2)
    ruby-progressbar (1.10.1)

PLATFORMS
  ruby

DEPENDENCIES
  ultimate-minitest-rails!

BUNDLED WITH
   1.17.3
